GEM
  remote: http://rubygems.org/
  specs:
    albino (1.3.3)
      posix-spawn (>= 0.3.6)
    classifier (1.3.3)
      fast-stemmer (>= 1.0.0)
    commonjs (0.2.6)
    directory_watcher (1.4.1)
    fast-stemmer (1.0.1)
    jekyll (0.11.0)
      albino (>= 1.3.2)
      classifier (>= 1.3.1)
      directory_watcher (>= 1.1.1)
      kramdown (>= 0.13.2)
      liquid (>= 1.9.0)
      maruku (>= 0.5.9)
    jsmin (1.0.1)
    kramdown (0.13.8)
    less (2.2.2)
      commonjs (~> 0.2.6)
    libv8 (3.3.10.4)
    liquid (2.2.2)
    maruku (0.6.0)
      syntax (>= 1.0.0)
    posix-spawn (0.3.6)
    syntax (1.0.0)
    therubyracer (0.10.2)
      libv8 (~> 3.3.10)

PLATFORMS
  ruby

DEPENDENCIES
  jekyll (= 0.11.0)
  jsmin (= 1.0.1)
  less (= 2.2.2)
  liquid (= 2.2.2)
  therubyracer (= 0.10.2)
